GEM
  remote: https://rubygems.org/
  specs:
    binding_of_caller (0.8.0)
      debug_inspector (>= 0.0.1)
    childprocess (3.0.0)
    concurrent-ruby (1.1.8)
    data_magic (1.2)
      faker (>= 1.1.2)
      yml_reader (>= 0.6)
    debug_inspector (1.0.0)
    faker (2.16.0)
      i18n (>= 1.6, < 2)
    i18n (1.8.8)
      concurrent-ruby (~> 1.0)
    mini_magick (4.11.0)
    os (1.1.1)
    page-object (2.2.6)
      page_navigation (>= 0.10)
      selenium-webdriver (~> 3.0)
      watir (~> 6.8)
    page_navigation (0.10)
      data_magic (>= 0.22)
    regexp_parser (1.8.2)
    rubyzip (2.3.0)
    selenium-webdriver (3.142.7)
      childprocess (>= 0.5, < 4.0)
      rubyzip (>= 1.2.2)
    watir (6.17.0)
      regexp_parser (~> 1.2)
      selenium-webdriver (~> 3.6)
    watir-screenshot-stitch (0.7.6)
      binding_of_caller (~> 0.7)
      mini_magick (~> 4.0)
      os (~> 1.0)
      rubyzip (~> 2.0)
      watir (~> 6.12)
    yml_reader (0.7)

PLATFORMS
  x86_64-darwin-20

DEPENDENCIES
  page-object
  watir
  watir-screenshot-stitch

BUNDLED WITH
   2.2.7
